GEM
  remote: http://rubygems.org/
  specs:
    json (1.4.6)
    rack (1.2.1)
    rack-test (0.5.6)
      rack (>= 1.0)
    sinatra (1.1.0)
      rack (~> 1.1)
      tilt (~> 1.1)
    test-unit (2.1.1)
    tilt (1.1)

PLATFORMS
  ruby

DEPENDENCIES
  json
  rack-test
  sinatra
  test-unit
